GEM
  remote: https://rubygems.org/
  specs:
    RedCloth (4.2.9)
    actionmailer (3.2.17)
      actionpack (= 3.2.17)
      mail (~> 2.5.4)
    actionmailer-with-request (0.4.0)
      rails (>= 3)
    actionpack (3.2.17)
      activemodel (= 3.2.17)
      activesupport (= 3.2.17)
      builder (~> 3.0.0)
      erubis (~> 2.7.0)
      journey (~> 1.0.4)
      rack (~> 1.4.5)
      rack-cache (~> 1.2)
      rack-test (~> 0.6.1)
      sprockets (~> 2.2.1)
    activemodel (3.2.17)
      activesupport (= 3.2.17)
      builder (~> 3.0.0)
    activerecord (3.2.17)
      activemodel (= 3.2.17)
      activesupport (= 3.2.17)
      arel (~> 3.0.2)
      tzinfo (~> 0.3.29)
    activeresource (3.2.17)
      activemodel (= 3.2.17)
      activesupport (= 3.2.17)
    activesupport (3.2.17)
      i18n (~> 0.6, >= 0.6.4)
      multi_json (~> 1.0)
    arel (3.0.3)
    bcrypt (3.1.7)
    bcrypt-ruby (3.1.5)
      bcrypt (>= 3.1.3)
    builder (3.0.4)
    cancan (1.6.7)
    carrierwave (0.9.0)
      activemodel (>= 3.2.0)
      activesupport (>= 3.2.0)
      json (>= 1.7)
    carrierwave-mongoid (0.6.3)
      carrierwave (>= 0.8.0, < 0.10.0)
      mongoid (>= 3.0, < 5.0)
      mongoid-grid_fs (~> 1.3)
    cells (3.8.8)
      actionpack (>= 3.0)
      railties (>= 3.0)
    celluloid (0.15.2)
      timers (~> 1.1.0)
    childprocess (0.5.3)
      ffi (~> 1.0, >= 1.0.11)
    chunky_png (1.3.1)
    codemirror-rails (3.24)
      railties (>= 3.0, < 5)
    coderay (1.1.0)
    coffee-rails (3.2.2)
      coffee-script (>= 2.2.0)
      railties (~> 3.2.0)
    coffee-script (2.2.0)
      coffee-script-source
      execjs
    coffee-script-source (1.7.0)
    columnize (0.8.9)
    compass (0.12.6)
      chunky_png (~> 1.2)
      fssm (>= 0.2.7)
      sass (~> 3.2.19)
    compass-rails (1.1.7)
      compass (>= 0.12.2)
      sprockets (<= 2.11.0)
    custom_fields (2.3.1)
      activesupport (~> 3.2.13)
      carrierwave-mongoid (~> 0.6.0)
      money (~> 5.0)
      mongoid (~> 3.1.3)
    daemons (1.1.9)
    database_cleaner (1.3.0)
    debugger (1.6.8)
      columnize (>= 0.3.1)
      debugger-linecache (~> 1.2.0)
      debugger-ruby_core_source (~> 1.3.5)
    debugger-linecache (1.2.0)
    debugger-ruby_core_source (1.3.5)
    devise (2.2.7)
      bcrypt-ruby (~> 3.0)
      orm_adapter (~> 0.1)
      railties (~> 3.1)
      warden (~> 1.2.1)
    devise-encryptable (0.1.2)
      devise (>= 2.1.0)
    diff-lcs (1.2.5)
    dragonfly (0.9.15)
      multi_json (~> 1.0)
      rack
    ejs (1.0.0)
    erubis (2.7.0)
    eventmachine (1.0.3)
    excon (0.23.0)
    execjs (2.1.0)
    fabrication (2.11.2)
    factory_girl (4.4.0)
      activesupport (>= 3.0.0)
    factory_girl_rails (4.4.1)
      factory_girl (~> 4.4.0)
      railties (>= 3.0.0)
    faraday (0.9.0)
      multipart-post (>= 1.2, < 3)
    ffi (1.9.3)
    flash_cookie_session (1.1.6)
      rails (>= 3.0)
    fog (1.12.1)
      builder
      excon (~> 0.23.0)
      formatador (~> 0.2.0)
      mime-types
      multi_json (~> 1.0)
      net-scp (~> 1.1)
      net-ssh (>= 2.1.3)
      nokogiri (~> 1.5.0)
      ruby-hmac
    formatador (0.2.5)
    formtastic (2.2.1)
      actionpack (>= 3.0)
    fssm (0.2.10)
    guard (2.6.1)
      formatador (>= 0.2.4)
      listen (~> 2.7)
      lumberjack (~> 1.0)
      pry (>= 0.9.12)
      thor (>= 0.18.1)
    guard-rspec (4.2.9)
      guard (~> 2.1)
      rspec (>= 2.14, < 4.0)
    guard-spork (1.5.1)
      childprocess (>= 0.2.3)
      guard (>= 1.1)
      spork (>= 0.8.4)
    haml (4.0.5)
      tilt
    hashie (2.1.1)
    heroku-api (0.3.12)
      excon (~> 0.23.0)
    highline (1.6.21)
    hike (1.2.3)
    httparty (0.11.0)
      multi_json (~> 1.0)
      multi_xml (>= 0.5.2)
    i18n (0.6.9)
    journey (1.0.4)
    jquery-rails (2.1.4)
      railties (>= 3.0, < 5.0)
      thor (>= 0.14, < 2.0)
    json (1.8.1)
    jwt (1.0.0)
    kaminari (0.14.1)
      actionpack (>= 3.0.0)
      activesupport (>= 3.0.0)
    kgio (2.9.2)
    listen (2.7.6)
      celluloid (>= 0.15.2)
      rb-fsevent (>= 0.9.3)
      rb-inotify (>= 0.9)
    locomotive-aloha-rails (0.23.2.2)
      actionpack (~> 3.2.13)
    locomotive-heroku (0.1.0)
      heroku-api (~> 0.3.12)
      rails (~> 3.2.13)
    locomotive-tinymce-rails (3.5.8.2)
      actionpack (~> 3.2)
    locomotive_cms (2.4.1)
      RedCloth (~> 4.2.8)
      actionmailer-with-request (~> 0.4.0)
      cancan (= 1.6.7)
      carrierwave-mongoid (~> 0.6.2)
      cells (~> 3.8.0)
      codemirror-rails (~> 3.13)
      custom_fields (~> 2.3.1)
      devise (= 2.2.7)
      devise-encryptable (~> 0.1.1)
      dragonfly (~> 0.9.15)
      flash_cookie_session (~> 1.1.1)
      fog (~> 1.12.1)
      formtastic (~> 2.2.1)
      haml (~> 4.0.2)
      highline (~> 1.6.2)
      httparty (~> 0.11.0)
      jquery-rails (~> 2.1.4)
      kaminari (~> 0.14.1)
      locomotive-aloha-rails (~> 0.23.2.2)
      locomotive-tinymce-rails (~> 3.5.8.2)
      locomotivecms_solid (~> 0.2.2)
      mimetype-fu (~> 0.1.2)
      mongo_session_store-rails3 (~> 4.1.1)
      mongoid (~> 3.1.5)
      mongoid-tree (~> 1.0.3)
      mongoid_migration (~> 0.0.8)
      multi_json (~> 1.7.3)
      rack-cache (~> 1.1)
      rails (~> 3.2.16)
      rails-backbone (~> 0.7.2)
      rake (~> 10.0.0)
      redcarpet (~> 3.0.0)
      responders (~> 0.9.2)
      sanitize (= 2.0.3)
      stringex (~> 2.0.3)
    locomotive_liquid (2.4.2)
    locomotivecms_solid (0.2.2)
      locomotive_liquid (~> 2.4.2)
    lumberjack (1.0.6)
    mail (2.5.4)
      mime-types (~> 1.16)
      treetop (~> 1.4.8)
    method_source (0.8.2)
    mime-types (1.25.1)
    mimetype-fu (0.1.2)
    money (5.1.1)
      i18n (~> 0.6.0)
    mongo_session_store-rails3 (4.1.1)
      actionpack (>= 3.1)
    mongoid (3.1.6)
      activemodel (~> 3.2)
      moped (~> 1.4)
      origin (~> 1.0)
      tzinfo (~> 0.3.29)
    mongoid-grid_fs (1.9.2)
      mime-types (>= 1.19, < 3.0)
      mongoid (>= 3.0, < 5.0)
    mongoid-tree (1.0.4)
      mongoid (>= 3.0, <= 4.0)
    mongoid_migration (0.0.8)
      mongoid (> 2.4)
      rails (~> 3.2)
    moped (1.5.2)
    multi_json (1.7.9)
    multi_xml (0.5.5)
    multipart-post (2.0.0)
    net-scp (1.2.1)
      net-ssh (>= 2.6.5)
    net-ssh (2.9.1)
    nokogiri (1.5.11)
    oauth2 (0.9.4)
      faraday (>= 0.8, < 0.10)
      jwt (~> 1.0)
      multi_json (~> 1.3)
      multi_xml (~> 0.5)
      rack (~> 1.2)
    omniauth (1.2.1)
      hashie (>= 1.2, < 3)
      rack (~> 1.0)
    omniauth-facebook (1.6.0)
      omniauth-oauth2 (~> 1.1)
    omniauth-oauth2 (1.1.2)
      faraday (>= 0.8, < 0.10)
      multi_json (~> 1.3)
      oauth2 (~> 0.9.3)
      omniauth (~> 1.2)
    origin (1.1.0)
    orm_adapter (0.5.0)
    polyglot (0.3.5)
    pry (0.9.12.6)
      coderay (~> 1.0)
      method_source (~> 0.8)
      slop (~> 3.4)
    pry-debugger (0.2.2)
      debugger (~> 1.3)
      pry (~> 0.9.10)
    pry-rails (0.3.2)
      pry (>= 0.9.10)
    rack (1.4.5)
    rack-cache (1.2)
      rack (>= 0.4)
    rack-ssl (1.3.4)
      rack
    rack-test (0.6.2)
      rack (>= 1.0)
    rails (3.2.17)
      actionmailer (= 3.2.17)
      actionpack (= 3.2.17)
      activerecord (= 3.2.17)
      activeresource (= 3.2.17)
      activesupport (= 3.2.17)
      bundler (~> 1.0)
      railties (= 3.2.17)
    rails-backbone (0.7.2)
      coffee-script (~> 2.2.0)
      ejs (~> 1.0.0)
      railties (>= 3.1.0)
    rails-i18n (3.0.1)
      i18n (~> 0.5)
      rails (>= 3.0.0, < 4.0.0)
    rails_12factor (0.0.2)
      rails_serve_static_assets
      rails_stdout_logging
    rails_serve_static_assets (0.0.2)
    rails_stdout_logging (0.0.3)
    railties (3.2.17)
      actionpack (= 3.2.17)
      activesupport (= 3.2.17)
      rack-ssl (~> 1.3.2)
      rake (>= 0.8.7)
      rdoc (~> 3.4)
      thor (>= 0.14.6, < 2.0)
    raindrops (0.13.0)
    rake (10.0.4)
    rb-fsevent (0.9.4)
    rb-inotify (0.9.4)
      ffi (>= 0.5.0)
    rdoc (3.12.2)
      json (~> 1.4)
    redcarpet (3.0.0)
    responders (0.9.3)
      railties (~> 3.1)
    rmagick (2.13.2)
    rspec (2.99.0)
      rspec-core (~> 2.99.0)
      rspec-expectations (~> 2.99.0)
      rspec-mocks (~> 2.99.0)
    rspec-collection_matchers (0.0.4)
      rspec-expectations (>= 2.99.0.beta1)
    rspec-core (2.99.0)
    rspec-expectations (2.99.0)
      diff-lcs (>= 1.1.3, < 2.0)
    rspec-mocks (2.99.0)
    rspec-nc (0.0.6)
      rspec (~> 2.9)
      terminal-notifier (~> 1.4.2)
    rspec-rails (2.99.0)
      actionpack (>= 3.0)
      activemodel (>= 3.0)
      activesupport (>= 3.0)
      railties (>= 3.0)
      rspec-collection_matchers
      rspec-core (~> 2.99.0)
      rspec-expectations (~> 2.99.0)
      rspec-mocks (~> 2.99.0)
    ruby-hmac (0.4.0)
    sanitize (2.0.3)
      nokogiri (>= 1.4.4, < 1.6)
    sass (3.2.19)
    sass-rails (3.2.6)
      railties (~> 3.2.0)
      sass (>= 3.1.10)
      tilt (~> 1.3)
    shoulda-matchers (2.6.1)
      activesupport (>= 3.0.0)
    slop (3.5.0)
    spork (0.9.2)
    sprockets (2.2.2)
      hike (~> 1.2)
      multi_json (~> 1.0)
      rack (~> 1.0)
      tilt (~> 1.1, != 1.3.0)
    stringex (2.0.11)
    terminal-notifier (1.4.2)
    thin (1.6.2)
      daemons (>= 1.0.9)
      eventmachine (>= 1.0.0)
      rack (>= 1.0.0)
    thor (0.19.1)
    tilt (1.4.1)
    timers (1.1.0)
    treetop (1.4.15)
      polyglot
      polyglot (>= 0.3.1)
    tzinfo (0.3.39)
    uglifier (2.5.0)
      execjs (>= 0.3.0)
      json (>= 1.8.0)
    unicorn (4.8.3)
      kgio (~> 2.6)
      rack
      raindrops (~> 0.7)
    warden (1.2.3)
      rack (>= 1.0)
    webrat (0.7.3)
      nokogiri (>= 1.2.0)
      rack (>= 1.0)
      rack-test (>= 0.5.3)

PLATFORMS
  ruby

DEPENDENCIES
  coffee-rails (~> 3.2.1)
  compass-rails (~> 1.1.3)
  database_cleaner
  fabrication
  factory_girl_rails
  guard-rspec
  guard-spork
  locomotive-heroku (~> 0.1.0)
  locomotive_cms (~> 2.4.1)
  omniauth-facebook
  pry-debugger
  pry-rails
  rails (~> 3.2.16)
  rails-i18n
  rails_12factor
  rb-fsevent (= 0.9.4)
  rmagick
  rspec-nc
  rspec-rails
  sass-rails (~> 3.2.3)
  shoulda-matchers
  spork
  thin
  uglifier (>= 1.0.3)
  unicorn
  webrat
